GEM
  remote: http://rubygems.org/
  specs:
    RedCloth (4.2.7)
    actionmailer (2.3.12)
      actionpack (= 2.3.12)
    actionpack (2.3.12)
      activesupport (= 2.3.12)
      rack (~> 1.1.0)
    active-fedora (2.3.0)
      activeresource
      equivalent-xml
      facets
      mediashelf-loggable
      mime-types (>= 1.16)
      multipart-post
      nokogiri
      om (>= 1.0)
      solr-ruby (>= 0.0.6)
      solrizer (> 1.0.0)
      xml-simple (>= 1.0.12)
    activerecord (2.3.12)
      activesupport (= 2.3.12)
    activeresource (2.3.12)
      activesupport (= 2.3.12)
    activesupport (2.3.12)
    authlogic (2.1.6)
      activesupport
    blacklight-sitemap (1.0.0)
      nokogiri
    block_helpers (0.3.3)
      activesupport (>= 2.0)
    builder (3.0.0)
    columnize (0.3.3)
    crack (0.1.8)
    cucumber (1.0.0)
      builder (>= 2.1.2)
      diff-lcs (>= 1.1.2)
      gherkin (~> 2.4.1)
      json (>= 1.4.6)
      term-ansicolor (>= 1.0.5)
    cucumber-rails (0.3.2)
      cucumber (>= 0.8.0)
    curb (0.6.9)
    daemons (1.1.4)
    database_cleaner (0.6.7)
    diff-lcs (1.1.2)
    equivalent-xml (0.2.6)
      nokogiri (>= 1.4.3)
    facets (2.8.4)
    fastercsv (1.5.4)
    gherkin (2.4.1)
      json (>= 1.4.6)
    haml (3.1.2)
    httparty (0.7.8)
      crack (= 0.1.8)
    json (1.5.3)
    json_pure (1.5.3)
    linecache (0.46)
      rbx-require-relative (> 0.0.4)
    marc (0.4.3)
    mediashelf-loggable (0.4.2)
    mime-types (1.16)
    mocha (0.9.12)
    multipart-post (1.1.2)
    mysql (2.8.1)
    nokogiri (1.4.3.1)
    om (1.2.5)
      nokogiri (>= 1.4.2)
    rack (1.1.2)
    rack-test (0.6.0)
      rack (>= 1.0)
    rails (2.3.12)
      actionmailer (= 2.3.12)
      actionpack (= 2.3.12)
      activerecord (= 2.3.12)
      activeresource (= 2.3.12)
      activesupport (= 2.3.12)
      rake (>= 0.8.3)
    rake (0.9.2)
    rbx-require-relative (0.0.5)
    rcov (0.9.9)
    rdoc (3.6.1)
    rsolr (0.12.1)
      builder (>= 2.1.2)
    rsolr-ext (0.12.1)
      rsolr (>= 0.12.1)
    rspec (1.3.2)
    rspec-rails (1.3.4)
      rack (>= 1.0.0)
      rspec (~> 1.3.1)
    ruby-debug (0.10.4)
      columnize (>= 0.1)
      ruby-debug-base (~> 0.10.4.0)
    ruby-debug-base (0.10.4)
      linecache (>= 0.3)
    ruby-xslt (0.9.8)
    solr-ruby (0.0.8)
    solrizer (1.1.0)
      daemons
      mediashelf-loggable
      nokogiri
      om (>= 1.0.0)
      stomp
      xml-simple
    solrizer-fedora (1.1.0)
      active-fedora (>= 2.3.0)
      fastercsv
      rsolr
      solr-ruby (>= 0.0.6)
      solrizer (>= 1.0.0)
    sqlite3-ruby (1.3.1)
    stomp (1.1.9)
    term-ansicolor (1.0.5)
    trollop (1.16.2)
    webrat (0.7.3)
      nokogiri (>= 1.2.0)
      rack (>= 1.0)
      rack-test (>= 0.5.3)
    will_paginate (2.3.15)
    xml-simple (1.1.0)
    yard (0.7.2)

PLATFORMS
  ruby

DEPENDENCIES
  RedCloth (= 4.2.7)
  active-fedora
  authlogic (>= 0.1.0)
  blacklight-sitemap
  block_helpers
  builder
  columnize
  crack
  cucumber (>= 0.8.5)
  cucumber-rails
  curb (= 0.6.9)
  database_cleaner
  diff-lcs
  facets (= 2.8.4)
  fastercsv (= 1.5.4)
  gherkin
  haml
  httparty
  json_pure (> 1.4.3)
  linecache
  marc
  mime-types
  mocha
  multipart-post
  mysql (= 2.8.1)
  nokogiri (= 1.4.3.1)
  om (>= 1.0.1)
  rack
  rack-test
  rails (>= 2.3.5, < 3.0.0)
  rake
  rcov
  rdoc
  rsolr (= 0.12.1)
  rsolr-ext (= 0.12.1)
  rspec (< 2.0.0)
  rspec-rails (< 2.0.0)
  ruby-debug
  ruby-debug-base
  ruby-xslt (= 0.9.8)
  solr-ruby
  solrizer (>= 1.0.1)
  solrizer-fedora (>= 1.0.1)
  sqlite3-ruby (= 1.3.1)
  term-ansicolor
  trollop
  webrat
  will_paginate
  xml-simple
  yard
